GEM
  remote: http://rubygems.org/
  specs:
    aws-sdk (2.10.86)
      aws-sdk-resources (= 2.10.86)
    aws-sdk-core (2.10.86)
      aws-sigv4 (~> 1.0)
      jmespath (~> 1.0)
    aws-sdk-resources (2.10.86)
      aws-sdk-core (= 2.10.86)
    aws-sigv4 (1.0.2)
    cool.io (1.4.6)
    cool.io (1.4.6-x64-mingw32)
    ffi (1.9.18-x64-mingw32)
    ffi-win32-extensions (1.0.3)
      ffi
    fluent-plugin-s3 (1.0.0)
      aws-sdk (>= 2.3.22, < 3)
      fluentd (>= 0.14.2, < 2)
    fluent-plugin-td (1.0.0.rc1)
      fluentd (>= 0.14.13, < 2)
      td-client (~> 1.0)
    fluentd (0.14.13)
      cool.io (~> 1.4.5)
      http_parser.rb (>= 0.5.1, < 0.7.0)
      msgpack (>= 0.7.0, < 2.0.0)
      serverengine (>= 2.0.4, < 3.0.0)
      sigdump (~> 0.2.2)
      strptime (~> 0.1.7)
      tzinfo (~> 1.0)
      tzinfo-data (~> 1.0)
      yajl-ruby (~> 1.0)
    fluentd (0.14.13-x64-mingw32)
      cool.io (~> 1.4.5)
      http_parser.rb (>= 0.5.1, < 0.7.0)
      msgpack (>= 0.7.0, < 2.0.0)
      serverengine (>= 2.0.4, < 3.0.0)
      sigdump (~> 0.2.2)
      strptime (~> 0.1.7)
      tzinfo (~> 1.0)
      tzinfo-data (~> 1.0)
      win32-event (~> 0.6.1)
      win32-ipc (~> 0.6.1)
      win32-service (~> 0.8.3)
      windows-pr (~> 1.2.5)
      yajl-ruby (~> 1.0)
    http_parser.rb (0.6.0)
    httpclient (2.8.3)
    jmespath (1.3.1)
    msgpack (1.1.0)
    msgpack (1.1.0-x64-mingw32)
    serverengine (2.0.5)
      sigdump (~> 0.2.2)
    serverengine (2.0.5-x64-mingw32)
      sigdump (~> 0.2.2)
      windows-pr (~> 1.2.5)
    sigdump (0.2.4)
    strptime (0.1.9)
    strptime (0.1.9-x64-mingw32)
    td-client (1.0.4)
      httpclient (>= 2.7)
      msgpack (>= 0.5.6, < 2)
    thread_safe (0.3.6)
    tzinfo (1.2.4)
      thread_safe (~> 0.1)
    tzinfo-data (1.2017.3)
      tzinfo (>= 1.0.0)
    win32-api (1.6.1.2-universal-mingw32)
    win32-event (0.6.3)
      win32-ipc (>= 0.6.0)
    win32-ipc (0.6.6)
      ffi
    win32-service (0.8.10)
      ffi
      ffi-win32-extensions
    windows-api (0.4.4)
      win32-api (>= 1.4.5)
    windows-pr (1.2.6)
      win32-api (>= 1.4.5)
      windows-api (>= 0.4.0)
    yajl-ruby (1.3.1)

PLATFORMS
  ruby
  x64-mingw32

DEPENDENCIES
  fluent-plugin-s3 (= 1.0.0)
  fluent-plugin-td (= 1.0.0.rc1)
  fluentd (= 0.14.13)

RUBY VERSION
   ruby 2.4.1p111

BUNDLED WITH
   1.16.0
